GEM
  remote: http://rubygems.org/
  specs:
    activesupport (4.1.8)
      i18n (~> 0.6, >= 0.6.9)
      json (~> 1.7, >= 1.7.7)
      minitest (~> 5.1)
      thread_safe (~> 0.1)
      tzinfo (~> 1.1)
    archive-zip (0.7.0)
      io-like (~> 0.3.0)
    builder (3.2.2)
    childprocess (0.5.9)
      ffi (~> 1.0, >= 1.0.11)
    chromedriver-helper (1.0.0)
      archive-zip (~> 0.7.0)
      nokogiri (~> 1.6)
    cucumber (2.3.3)
      builder (>= 2.1.2)
      cucumber-core (~> 1.4.0)
      cucumber-wire (~> 0.0.1)
      diff-lcs (>= 1.1.3)
      gherkin (~> 3.2.0)
      multi_json (>= 1.7.5, < 2.0)
      multi_test (>= 0.1.2)
    cucumber-core (1.4.0)
      gherkin (~> 3.2.0)
    cucumber-wire (0.0.1)
    diff-lcs (1.2.5)
    docile (1.1.5)
    domain_name (0.5.20160615)
      unf (>= 0.0.5, < 1.0.0)
    ffi (1.9.10-x86-mingw32)
    gherkin (3.2.0)
    http-cookie (1.0.2)
      domain_name (~> 0.5)
    i18n (0.7.0)
    io-like (0.3.0)
    json (1.8.3)
    mime-types (3.1)
      mime-types-data (~> 3.2015)
    mime-types-data (3.2016.0521)
    mini_portile2 (2.0.0)
    minitest (5.8.4)
    multi_json (1.11.2)
    multi_test (0.1.2)
    net-http-persistent (2.9.4)
    netrc (0.11.0)
    nokogiri (1.6.7.2-x86-mingw32)
      mini_portile2 (~> 2.0.0.rc2)
    rake (11.1.2)
    require_all (1.3.3)
    rest-client (2.0.0-x86-mingw32)
      ffi (~> 1.9)
      http-cookie (>= 1.0.2, < 2.0)
      mime-types (>= 1.16, < 4.0)
      netrc (~> 0.8)
    rspec (3.4.0)
      rspec-core (~> 3.4.0)
      rspec-expectations (~> 3.4.0)
      rspec-mocks (~> 3.4.0)
    rspec-core (3.4.4)
      rspec-support (~> 3.4.0)
    rspec-expectations (3.4.0)
      diff-lcs (>= 1.2.0, < 2.0)
      rspec-support (~> 3.4.0)
    rspec-mocks (3.4.1)
      diff-lcs (>= 1.2.0, < 2.0)
      rspec-support (~> 3.4.0)
    rspec-support (3.4.1)
    rubyzip (1.2.0)
    saucelabs (0.5)
      net-http-persistent
      selenium-webdriver
      watir-webdriver (>= 0.6.9)
    selenium-webdriver (2.53.0)
      childprocess (~> 0.5)
      rubyzip (~> 1.0)
      websocket (~> 1.0)
    simplecov (0.11.2)
      docile (~> 1.1.0)
      json (~> 1.8)
      simplecov-html (~> 0.10.0)
    simplecov-html (0.10.0)
    simplecov-rcov (0.2.3)
      simplecov (>= 0.4.1)
    thread_safe (0.3.5)
    tzinfo (1.2.2)
      thread_safe (~> 0.1)
    unf (0.1.4)
      unf_ext
    unf_ext (0.0.7.2-x86-mingw32)
    watir-webdriver (0.9.1)
      selenium-webdriver (>= 2.46.2)
    websocket (1.2.3)

PLATFORMS
  x86-mingw32

DEPENDENCIES
  activesupport (= 4.1.8)
  chromedriver-helper
  cucumber (= 2.3.3)
  json
  rake
  require_all
  rest-client
  rspec
  saucelabs
  selenium-webdriver
  simplecov
  simplecov-rcov
  watir-webdriver

BUNDLED WITH
   1.12.5
